GIT
  remote: https://github.com/elastic/elasticsearch-rails.git
  revision: 22b698aa3f4138db6ec1d1a082e8cd24f8132224
  branch: 5.x
  specs:
    elasticsearch-model (5.0.1)
      activesupport (> 3)
      elasticsearch (~> 5)
      hashie
    elasticsearch-rails (5.0.1)

GEM
  remote: https://rubygems.org/
  specs:
    action_args (2.2.1)
    actioncable (5.1.2)
      actionpack (= 5.1.2)
      nio4r (~> 2.0)
      websocket-driver (~> 0.6.1)
    actionmailer (5.1.2)
      actionpack (= 5.1.2)
      actionview (= 5.1.2)
      activejob (= 5.1.2)
      mail (~> 2.5, >= 2.5.4)
      rails-dom-testing (~> 2.0)
    actionpack (5.1.2)
      actionview (= 5.1.2)
      activesupport (= 5.1.2)
      rack (~> 2.0)
      rack-test (~> 0.6.3)
      rails-dom-testing (~> 2.0)
      rails-html-sanitizer (~> 1.0, >= 1.0.2)
    actionview (5.1.2)
      activesupport (= 5.1.2)
      builder (~> 3.1)
      erubi (~> 1.4)
      rails-dom-testing (~> 2.0)
      rails-html-sanitizer (~> 1.0, >= 1.0.3)
    activejob (5.1.2)
      activesupport (= 5.1.2)
      globalid (>= 0.3.6)
    activemodel (5.1.2)
      activesupport (= 5.1.2)
    activerecord (5.1.2)
      activemodel (= 5.1.2)
      activesupport (= 5.1.2)
      arel (~> 8.0)
    activesupport (5.1.2)
      concurrent-ruby (~> 1.0, >= 1.0.2)
      i18n (~> 0.7)
      minitest (~> 5.1)
      tzinfo (~> 1.1)
    addressable (2.5.2)
      public_suffix (>= 2.0.2, < 4.0)
    arel (8.0.0)
    autoprefixer-rails (7.1.4)
      execjs
    awesome_print (1.8.0)
    bcp47 (0.3.3)
      i18n
    better_errors (2.2.0)
      coderay (>= 1.0.0)
      erubis (>= 2.6.6)
      rack (>= 0.9.0)
    bindex (0.5.0)
    bootstrap (4.0.0.beta)
      autoprefixer-rails (>= 6.0.3)
      popper_js (~> 1.11.1)
      sass (>= 3.4.19)
    bson (4.3.0)
    builder (3.2.3)
    byebug (9.0.6)
    coderay (1.1.1)
    coffee-rails (4.2.2)
      coffee-script (>= 2.2.0)
      railties (>= 4.0.0)
    coffee-script (2.4.1)
      coffee-script-source
      execjs
    coffee-script-source (1.12.2)
    concurrent-ruby (1.0.5)
    connection_pool (2.2.1)
    diff-lcs (1.3)
    ebnf (1.1.2)
      rdf (>= 2.2, < 4.0)
      sxp (~> 1.0)
    elasticsearch (5.0.4)
      elasticsearch-api (= 5.0.4)
      elasticsearch-transport (= 5.0.4)
    elasticsearch-api (5.0.4)
      multi_json
    elasticsearch-transport (5.0.4)
      faraday
      multi_json
    equivalent-xml (0.6.0)
      nokogiri (>= 1.4.3)
    erubi (1.6.1)
    erubis (2.7.0)
    execjs (2.7.0)
    faraday (0.13.1)
      multipart-post (>= 1.2, < 3)
    ffi (1.9.18)
    globalid (0.4.0)
      activesupport (>= 4.2.0)
    haml (5.0.1)
      temple (>= 0.8.0)
      tilt
    haml-rails (1.0.0)
      actionpack (>= 4.0.1)
      activesupport (>= 4.0.1)
      haml (>= 4.0.6, < 6.0)
      html2haml (>= 1.0.1)
      railties (>= 4.0.1)
    hamster (3.0.0)
      concurrent-ruby (~> 1.0)
    hashie (3.5.6)
    html2haml (2.2.0)
      erubis (~> 2.7.0)
      haml (>= 4.0, < 6)
      nokogiri (>= 1.6.0)
      ruby_parser (~> 3.5)
    htmlentities (4.3.4)
    i18n (0.8.6)
    jbuilder (2.7.0)
      activesupport (>= 4.2.0)
      multi_json (>= 1.2)
    jquery-datatables-rails (3.4.0)
      actionpack (>= 3.1)
      jquery-rails
      railties (>= 3.1)
      sass-rails
    jquery-rails (4.3.1)
      rails-dom-testing (>= 1, < 3)
      railties (>= 4.2.0)
      thor (>= 0.14, < 2.0)
    jquery-ui-rails (6.0.1)
      railties (>= 3.2.16)
    json-ld (2.2.1)
      multi_json (~> 1.12)
      rdf (>= 2.2.8, < 4.0)
    json-ld-preloaded (2.2.3)
      json-ld (>= 2.2, < 4.0)
      multi_json (~> 1.12)
      rdf (>= 2.2, < 4.0)
    kaminari (1.0.1)
      activesupport (>= 4.1.0)
      kaminari-actionview (= 1.0.1)
      kaminari-activerecord (= 1.0.1)
      kaminari-core (= 1.0.1)
    kaminari-actionview (1.0.1)
      actionview
      kaminari-core (= 1.0.1)
    kaminari-activerecord (1.0.1)
      activerecord
      kaminari-core (= 1.0.1)
    kaminari-core (1.0.1)
    ld-patch (0.3.3)
      ebnf (~> 1.1)
      rdf (>= 2.2, < 4.0)
      rdf-xsd (>= 2.2, < 4.0)
      sparql (>= 2.2, < 4.0)
      sxp (~> 1.0)
    link_header (0.0.8)
    linkeddata (3.0.0)
      equivalent-xml (~> 0.6)
      json-ld (>= 2.2.1, < 4.0)
      ld-patch (~> 0.3, >= 0.3.3)
      nokogiri (~> 1.8)
      rdf (~> 3.0)
      rdf-aggregate-repo (>= 2.2.1, < 4.0)
      rdf-isomorphic (~> 3.0)
      rdf-json (>= 2.2, < 4.0)
      rdf-microdata (>= 2.2.3, < 4.0)
      rdf-n3 (>= 2.2, < 4.0)
      rdf-normalize (~> 0.3, >= 0.3.3)
      rdf-rdfa (>= 2.2.4, < 4.0)
      rdf-rdfxml (>= 2.2.1, < 4.0)
      rdf-reasoner (~> 0.5.0)
      rdf-tabular (>= 2.2.1, < 4.0)
      rdf-trig (>= 2.2, < 4.0)
      rdf-trix (>= 2.2.1, < 4.0)
      rdf-turtle (~> 3.0)
      rdf-vocab (~> 3.0)
      rdf-xsd (~> 3.0)
      shex (~> 0.5, >= 0.5.2)
      sparql (~> 3.0)
      sparql-client (~> 3.0)
    listen (3.1.5)
      rb-fsevent (~> 0.9, >= 0.9.4)
      rb-inotify (~> 0.9, >= 0.9.7)
      ruby_dep (~> 1.2)
    loofah (2.0.3)
      nokogiri (>= 1.5.9)
    mail (2.6.6)
      mime-types (>= 1.16, < 4)
    method_source (0.8.2)
    mime-types (3.1)
      mime-types-data (~> 3.2015)
    mime-types-data (3.2016.0521)
    mini_portile2 (2.2.0)
    minitest (5.10.3)
    mongo (2.5.0)
      bson (>= 4.3.0, < 5.0.0)
    mongoid (6.2.1)
      activemodel (~> 5.1)
      mongo (>= 2.4.1, < 3.0.0)
    multi_json (1.12.1)
    multipart-post (2.0.0)
    net-http-persistent (3.0.0)
      connection_pool (~> 2.2)
    nio4r (2.1.0)
    nokogiri (1.8.0)
      mini_portile2 (~> 2.2.0)
    popper_js (1.11.1)
    pry (0.11.0)
      coderay (~> 1.1.0)
      method_source (~> 0.8.1)
    pry-rails (0.3.6)
      pry (>= 0.10.4)
    public_suffix (3.0.1)
    puma (3.9.1)
    rack (2.0.3)
    rack-test (0.6.3)
      rack (>= 1.0)
    rails (5.1.2)
      actioncable (= 5.1.2)
      actionmailer (= 5.1.2)
      actionpack (= 5.1.2)
      actionview (= 5.1.2)
      activejob (= 5.1.2)
      activemodel (= 5.1.2)
      activerecord (= 5.1.2)
      activesupport (= 5.1.2)
      bundler (>= 1.3.0, < 2.0)
      railties (= 5.1.2)
      sprockets-rails (>= 2.0.0)
    rails-dom-testing (2.0.3)
      activesupport (>= 4.2.0)
      nokogiri (>= 1.6)
    rails-html-sanitizer (1.0.3)
      loofah (~> 2.0)
    railties (5.1.2)
      actionpack (= 5.1.2)
      activesupport (= 5.1.2)
      method_source
      rake (>= 0.8.7)
      thor (>= 0.18.1, < 2.0)
    rake (12.0.0)
    rb-fsevent (0.10.2)
    rb-inotify (0.9.10)
      ffi (>= 0.5.0, < 2)
    rdf (3.0.1)
      hamster (~> 3.0)
      link_header (~> 0.0, >= 0.0.8)
    rdf-aggregate-repo (2.2.1)
      rdf (>= 2.2, < 4.0)
    rdf-isomorphic (3.0.0)
      rdf (~> 3.0)
    rdf-json (2.2.0)
      rdf (>= 2.2, < 4.0)
    rdf-microdata (2.2.3)
      htmlentities (~> 4.3)
      nokogiri (~> 1.8)
      rdf (>= 2.2.8, < 4.0)
      rdf-xsd (>= 2.2, < 4.0)
    rdf-n3 (3.0.0)
      rdf (~> 3.0)
    rdf-normalize (0.3.3)
      rdf (>= 2.2, < 4.0)
    rdf-rdfa (2.2.4)
      haml (~> 5.0)
      htmlentities (~> 4.3)
      rdf (>= 2.2, < 4.0)
      rdf-aggregate-repo (>= 2.2, < 4.0)
      rdf-xsd (>= 2.2, < 4.0)
    rdf-rdfxml (2.2.1)
      htmlentities (~> 4.3)
      rdf (>= 2.2, < 4.0)
      rdf-rdfa (>= 2.2, < 4.0)
      rdf-xsd (>= 2.2, < 4.0)
    rdf-reasoner (0.5.1)
      rdf (~> 3.0)
      rdf-vocab (~> 3.0)
      rdf-xsd (~> 3.0)
    rdf-tabular (2.2.1)
      addressable (~> 2.3)
      bcp47 (~> 0.3, >= 0.3.3)
      json-ld (>= 2.1, < 4.0)
      rdf (>= 2.2, < 4.0)
      rdf-vocab (>= 2.2, < 4.0)
      rdf-xsd (>= 2.2, < 4.0)
    rdf-trig (2.2.0)
      ebnf (~> 1.0, >= 1.0.1)
      rdf (>= 2.2, < 4.0)
      rdf-turtle (>= 2.2, < 4.0)
    rdf-trix (2.2.1)
      rdf (>= 2.2, < 4.0)
    rdf-turtle (3.0.1)
      ebnf (~> 1.1)
      rdf (~> 3.0)
    rdf-vocab (3.0.1)
      rdf (~> 3.0)
    rdf-xsd (3.0.0)
      rdf (~> 3.0)
    redis (3.3.3)
    redis-actionpack (5.0.1)
      actionpack (>= 4.0, < 6)
      redis-rack (>= 1, < 3)
      redis-store (>= 1.1.0, < 1.4.0)
    redis-activesupport (5.0.3)
      activesupport (>= 3, < 6)
      redis-store (~> 1.3.0)
    redis-rack (2.0.2)
      rack (>= 1.5, < 3)
      redis-store (>= 1.2, < 1.4)
    redis-rails (5.0.2)
      redis-actionpack (>= 5.0, < 6)
      redis-activesupport (>= 5.0, < 6)
      redis-store (>= 1.2, < 2)
    redis-store (1.3.0)
      redis (>= 2.2)
    rspec (3.7.0)
      rspec-core (~> 3.7.0)
      rspec-expectations (~> 3.7.0)
      rspec-mocks (~> 3.7.0)
    rspec-core (3.7.1)
      rspec-support (~> 3.7.0)
    rspec-expectations (3.7.0)
      diff-lcs (>= 1.2.0, < 2.0)
      rspec-support (~> 3.7.0)
    rspec-mocks (3.7.0)
      diff-lcs (>= 1.2.0, < 2.0)
      rspec-support (~> 3.7.0)
    rspec-rails (3.7.2)
      actionpack (>= 3.0)
      activesupport (>= 3.0)
      railties (>= 3.0)
      rspec-core (~> 3.7.0)
      rspec-expectations (~> 3.7.0)
      rspec-mocks (~> 3.7.0)
      rspec-support (~> 3.7.0)
    rspec-support (3.7.1)
    ruby-progressbar (1.9.0)
    ruby_dep (1.5.0)
    ruby_parser (3.10.1)
      sexp_processor (~> 4.9)
    sass (3.5.1)
      sass-listen (~> 4.0.0)
    sass-listen (4.0.0)
      rb-fsevent (~> 0.9, >= 0.9.4)
      rb-inotify (~> 0.9, >= 0.9.7)
    sass-rails (5.0.6)
      railties (>= 4.0.0, < 6)
      sass (~> 3.1)
      sprockets (>= 2.8, < 4.0)
      sprockets-rails (>= 2.0, < 4.0)
      tilt (>= 1.1, < 3)
    settingslogic (2.0.9)
    sexp_processor (4.10.0)
    shex (0.5.2)
      ebnf (~> 1.1)
      json-ld (>= 2.2, < 4.0)
      json-ld-preloaded (>= 2.2, < 4.0)
      rdf (>= 2.2, < 4.0)
      rdf-xsd (>= 2.2, < 4.0)
      sparql (>= 2.2, < 4.0)
      sxp (~> 1.0)
    sparql (3.0.0)
      builder (~> 3.2)
      ebnf (~> 1.1)
      rdf (~> 3.0)
      rdf-aggregate-repo (>= 2.2, < 4.0)
      rdf-xsd (~> 3.0)
      sparql-client (~> 3.0)
      sxp (~> 1.0)
    sparql-client (3.0.0)
      net-http-persistent (>= 2.9, < 4)
      rdf (~> 3.0)
    spring (2.0.2)
      activesupport (>= 4.2)
    spring-watcher-listen (2.0.1)
      listen (>= 2.7, < 4.0)
      spring (>= 1.2, < 3.0)
    sprockets (3.7.1)
      concurrent-ruby (~> 1.0)
      rack (> 1, < 3)
    sprockets-rails (3.2.0)
      actionpack (>= 4.0)
      activesupport (>= 4.0)
      sprockets (>= 3.0.0)
    sqlite3 (1.3.13)
    sxp (1.0.1)
      rdf (>= 2.2, < 4.0)
    temple (0.8.0)
    thor (0.19.4)
    thread_safe (0.3.6)
    tilt (2.0.8)
    turbolinks (5.0.1)
      turbolinks-source (~> 5)
    turbolinks-source (5.0.3)
    tzinfo (1.2.3)
      thread_safe (~> 0.1)
    uglifier (3.2.0)
      execjs (>= 0.3.0, < 3)
    web-console (3.5.1)
      actionview (>= 5.0)
      activemodel (>= 5.0)
      bindex (>= 0.4.0)
      railties (>= 5.0)
    websocket-driver (0.6.5)
      websocket-extensions (>= 0.1.0)
    websocket-extensions (0.1.2)

PLATFORMS
  ruby

DEPENDENCIES
  action_args (~> 2.2)
  awesome_print
  better_errors (~> 2.2)
  bootstrap (~> 4.0.0.beta)
  byebug
  coffee-rails (~> 4.2)
  elasticsearch-model!
  elasticsearch-rails!
  haml-rails (~> 1.0)
  jbuilder (~> 2.5)
  jquery-datatables-rails (~> 3.4)
  jquery-rails (~> 4.3)
  jquery-ui-rails (~> 6.0)
  kaminari (~> 1.0)
  linkeddata (~> 3.0)
  listen (>= 3.0.5, < 3.2)
  mongoid (~> 6.2)
  pry-rails (~> 0.3.6)
  puma (~> 3.7)
  rails (~> 5.1.2)
  redis-rails (~> 5.0)
  rspec (~> 3.7)
  rspec-rails (~> 3.7)
  ruby-progressbar (~> 1.9)
  sass-rails (~> 5.0)
  settingslogic (~> 2.0)
  spring
  spring-watcher-listen (~> 2.0.0)
  sqlite3
  turbolinks (~> 5)
  tzinfo-data
  uglifier (>= 1.3.0)
  web-console (>= 3.3.0)

BUNDLED WITH
   1.15.4
